GEM
  remote: https://rubygems.org/
  specs:
    faraday (1.1.0)
      multipart-post (>= 1.2, < 3)
      ruby2_keywords
    multipart-post (2.1.1)
    rack (2.2.3)
    ruby2_keywords (0.0.2)
    sentry-raven (3.1.1)
      faraday (>= 1.0)

PLATFORMS
  ruby

DEPENDENCIES
  rack (= 2.2.3)
  sentry-raven (= 3.1.1)

BUNDLED WITH
   2.1.4
